GIT
  remote: git://github.com/avokhmin/vagrant-lxc.git
  revision: e8c81af2cb0052885cb039eb122b8f5510e9e37f
  branch: v0.8.0-abf-worker-service
  specs:
    vagrant-lxc (0.8.0)

GIT
  remote: git://github.com/avokhmin/vagrant.git
  revision: 18eecbdc47421efe5ff50f0f822ba8b11d0741af
  branch: v1.3.3-abf
  specs:
    vagrant (1.3.3)
      childprocess (~> 0.3.7)
      erubis (~> 2.7.0)
      i18n (~> 0.6.0)
      log4r (~> 1.1.9)
      net-scp (~> 1.1.0)
      net-ssh (~> 2.6.6)

GEM
  remote: http://rubygems.org/
  specs:
    activesupport (4.0.0)
      i18n (~> 0.6, >= 0.6.4)
      minitest (~> 4.2)
      multi_json (~> 1.3)
      thread_safe (~> 0.1)
      tzinfo (~> 0.3.37)
    airbrake (3.1.14)
      builder
      json
    api_smith (1.2.0)
      hashie (~> 1.0)
      httparty
      net-http-persistent
    atomic (1.1.13)
    builder (3.2.2)
    cape (1.7.0)
    capistrano (2.15.5)
      highline
      net-scp (>= 1.0.0)
      net-sftp (>= 2.0.0)
      net-ssh (>= 2.0.14)
      net-ssh-gateway (>= 1.1.0)
    capistrano_colors (0.5.5)
    childprocess (0.3.9)
      ffi (~> 1.0, >= 1.0.11)
    diff-lcs (1.2.4)
    erubis (2.7.0)
    ffi (1.9.0)
    god (0.13.2)
    hashie (1.2.0)
    highline (1.6.20)
    hiredis (0.4.5)
    httparty (0.11.0)
      multi_json (~> 1.0)
      multi_xml (>= 0.5.2)
    i18n (0.6.5)
    json (1.8.0)
    log4r (1.1.10)
    minitest (4.7.5)
    mock_redis (0.9.0)
    mono_logger (1.1.0)
    multi_json (1.7.9)
    multi_xml (0.5.5)
    net-http-persistent (2.9)
    net-scp (1.1.2)
      net-ssh (>= 2.6.5)
    net-sftp (2.1.2)
      net-ssh (>= 2.6.5)
    net-ssh (2.6.8)
    net-ssh-gateway (1.2.0)
      net-ssh (>= 2.6.5)
    rack (1.5.2)
    rack-protection (1.5.3)
      rack
    rake (10.1.0)
    redis (3.0.4)
    redis-namespace (1.4.1)
      redis (~> 3.0.4)
    resque (1.24.1)
      mono_logger (~> 1.0)
      multi_json (~> 1.0)
      redis-namespace (~> 1.2)
      sinatra (>= 0.9.2)
      vegas (~> 0.1.2)
    rr (1.1.2)
    rspec (2.14.1)
      rspec-core (~> 2.14.0)
      rspec-expectations (~> 2.14.0)
      rspec-mocks (~> 2.14.0)
    rspec-core (2.14.5)
    rspec-expectations (2.14.2)
      diff-lcs (>= 1.1.3, < 2.0)
    rspec-mocks (2.14.3)
    rvm-capistrano (1.5.1)
      capistrano (~> 2.15.4)
    shoulda (3.5.0)
      shoulda-context (~> 1.0, >= 1.0.1)
      shoulda-matchers (>= 1.4.1, < 3.0)
    shoulda-context (1.1.5)
    shoulda-matchers (2.3.0)
      activesupport (>= 3.0.0)
    sinatra (1.4.5)
      rack (~> 1.4)
      rack-protection (~> 1.4)
      tilt (~> 1.3, >= 1.3.4)
    thread_safe (0.1.2)
      atomic
    tilt (1.4.1)
    tzinfo (0.3.37)
    vegas (0.1.11)
      rack (>= 1.0.0)

PLATFORMS
  ruby

DEPENDENCIES
  airbrake
  api_smith (= 1.2.0)
  cape
  capistrano
  capistrano_colors
  god
  hiredis (~> 0.4.5)
  log4r (= 1.1.10)
  mock_redis
  rake
  redis (= 3.0.4)
  resque (= 1.24.1)
  rr
  rspec
  rvm-capistrano
  shoulda
  vagrant!
  vagrant-lxc!
