GIT
  remote: git://github.com/avokhmin/vagrant-lxc.git
  revision: bb5980c20ae3c6d407fc97d3913459d8e9526f65
  branch: v0.6.4-abf-worker-service
  specs:
    vagrant-lxc (0.6.4.dev)

GIT
  remote: git://github.com/avokhmin/vagrant.git
  revision: 18eecbdc47421efe5ff50f0f822ba8b11d0741af
  branch: v1.3.3-abf
  specs:
    vagrant (1.3.3)
      childprocess (~> 0.3.7)
      erubis (~> 2.7.0)
      i18n (~> 0.6.0)
      log4r (~> 1.1.9)
      net-scp (~> 1.1.0)
      net-ssh (~> 2.6.6)

GEM
  remote: http://rubygems.org/
  specs:
    activesupport (4.0.0)
      i18n (~> 0.6, >= 0.6.4)
      minitest (~> 4.2)
      multi_json (~> 1.3)
      thread_safe (~> 0.1)
      tzinfo (~> 0.3.37)
    airbrake (3.1.14)
      builder
      json
    api_smith (1.2.0)
      hashie (~> 1.0)
      httparty
      net-http-persistent
    atomic (1.1.13)
    builder (3.2.2)
    childprocess (0.3.9)
      ffi (~> 1.0, >= 1.0.11)
    diff-lcs (1.2.4)
    erubis (2.7.0)
    ffi (1.9.0)
    god (0.13.2)
    hashie (1.2.0)
    httparty (0.11.0)
      multi_json (~> 1.0)
      multi_xml (>= 0.5.2)
    i18n (0.6.5)
    json (1.8.0)
    log4r (1.1.10)
    minitest (4.7.5)
    mock_redis (0.9.0)
    multi_json (1.7.9)
    multi_xml (0.5.5)
    net-http-persistent (2.9)
    net-scp (1.1.2)
      net-ssh (>= 2.6.5)
    net-ssh (2.6.8)
    rake (10.1.0)
    rr (1.1.2)
    rspec (2.14.1)
      rspec-core (~> 2.14.0)
      rspec-expectations (~> 2.14.0)
      rspec-mocks (~> 2.14.0)
    rspec-core (2.14.5)
    rspec-expectations (2.14.2)
      diff-lcs (>= 1.1.3, < 2.0)
    rspec-mocks (2.14.3)
    shoulda (3.5.0)
      shoulda-context (~> 1.0, >= 1.0.1)
      shoulda-matchers (>= 1.4.1, < 3.0)
    shoulda-context (1.1.5)
    shoulda-matchers (2.3.0)
      activesupport (>= 3.0.0)
    thread_safe (0.1.2)
      atomic
    tzinfo (0.3.37)

PLATFORMS
  ruby

DEPENDENCIES
  airbrake
  api_smith (= 1.2.0)
  god
  log4r (= 1.1.10)
  mock_redis
  rake
  rr
  rspec
  shoulda
  vagrant!
  vagrant-lxc!
